GEM
  remote: https://rubygems.org/
  specs:
    byebug (11.1.3)
    mini_portile2 (2.5.1)
    nokogiri (1.11.6)
      mini_portile2 (~> 2.5.0)
      racc (~> 1.4)
    parallel-forkmanager (2.0.6)
    racc (1.5.2)

PLATFORMS
  ruby

DEPENDENCIES
  byebug (~> 11.1, >= 11.1.3)
  nokogiri (~> 1.11, >= 1.11.1)
  parallel-forkmanager (~> 2.0, >= 2.0.6)

RUBY VERSION
   ruby 2.5.9p229

BUNDLED WITH
   1.17.3
