GEM
  remote: https://rubygems.org/
  specs:
    byebug (11.1.3)
    nokogiri (1.11.3-x86_64-linux)
      racc (~> 1.4)
    parallel-forkmanager (2.0.6)
    racc (1.5.2)

PLATFORMS
  x86_64-linux

DEPENDENCIES
  byebug (~> 11.1, >= 11.1.3)
  nokogiri (~> 1.11, >= 1.11.1)
  parallel-forkmanager (~> 2.0, >= 2.0.6)

RUBY VERSION
   ruby 2.7.0p0

BUNDLED WITH
   2.2.16
